NUGET
  remote: https://www.nuget.org/api/v2
  specs:
    FSharp.Configuration (0.5.3) - framework: >= net452
    FSharp.Core (3.1.2.1) - framework: >= net452
    FSharp.Data (2.2.5) - framework: >= net452
    FsPickler (1.2.5) - framework: >= net452
    Suave (0.30.0) - framework: >= net452
      FSharp.Core (>= 3.1.2.1)
      FsPickler (>= 1.2.5)
    Suave.Experimental (0.30.0)
      FSharp.Core (>= 3.1.2.1)
      Suave (>= 0.30.0)
